GEM
  remote: http://rubygems.org/
  specs:
    api_cache (0.2.3)
    columnize (0.3.6)
    domain_name (0.5.2)
      unf (~> 0.0.3)
    httparty (0.8.1)
      multi_json
      multi_xml
    json (1.6.5)
    linecache (0.46)
      rbx-require-relative (> 0.0.4)
    mechanize (2.3)
      domain_name (~> 0.5, >= 0.5.1)
      mime-types (~> 1.17, >= 1.17.2)
      net-http-digest_auth (~> 1.1, >= 1.1.1)
      net-http-persistent (~> 2.5, >= 2.5.2)
      nokogiri (~> 1.4)
      ntlm-http (~> 0.1, >= 0.1.1)
      webrobots (~> 0.0, >= 0.0.9)
    mime-types (1.17.2)
    multi_json (1.1.0)
    multi_xml (0.4.2)
    net-http-digest_auth (1.2)
    net-http-persistent (2.5.2)
    nokogiri (1.5.2)
    ntlm-http (0.1.1)
    octopi (0.4.5)
      api_cache
      httparty (>= 0.4.5)
      mechanize (>= 0.9.3)
      nokogiri (>= 1.3.1)
    rbx-require-relative (0.0.9)
    rest-client (1.6.7)
      mime-types (>= 1.16)
    ruby-debug (0.10.4)
      columnize (>= 0.1)
      ruby-debug-base (~> 0.10.4.0)
    ruby-debug-base (0.10.4)
      linecache (>= 0.3)
    unf (0.0.5)
      unf_ext
    unf_ext (0.0.4)
    webrobots (0.0.13)

PLATFORMS
  ruby

DEPENDENCIES
  json
  octopi
  rest-client
  ruby-debug
